GEM
  remote: https://rubygems.org/
  specs:
    artii (2.1.2)
    rainbow (3.0.0)

PLATFORMS
  x86_64-linux

DEPENDENCIES
  artii
  rainbow

RUBY VERSION
   ruby 3.0.2p107

BUNDLED WITH
   2.2.22
